PATH
  remote: .
  specs:
    sqldroid (1.0.1.dev-java)

GEM
  remote: http://rubygems.org/
  specs:

PLATFORMS
  java

DEPENDENCIES
  sqldroid!
